GIT
  remote: https://github.com/livingsocial/rake-pipeline.git
  revision: ae0795842a8958934d872a005d18b16161aa05fe
  specs:
    rake-pipeline (0.8.0)
      json
      rake (~> 0.9.0)
      thor

GIT
  remote: https://github.com/wycats/rake-pipeline-web-filters.git
  revision: 1a6dc173776b188836aa2ce2ac35b61c7f7daafe
  specs:
    rake-pipeline-web-filters (0.6.0)
      rack
      rake-pipeline (~> 0.6)

GEM
  remote: http://rubygems.org/
  specs:
    POpen4 (0.1.4)
      Platform (>= 0.4.0)
      open4
    Platform (0.4.0)
    colored (1.2)
    commonjs (0.2.6)
    execjs (1.2.13)
      multi_json (~> 1.0)
    jshintrb (0.1.6)
      execjs
      multi_json (>= 1.3)
      rake
    json (1.7.5)
    less (2.2.2)
      commonjs (~> 0.2.6)
    libv8 (3.11.8.13)
    multi_json (1.3.6)
    open4 (1.3.0)
    rack (1.4.1)
    rake (0.9.2.2)
    ref (1.0.2)
    therubyracer (0.11.2)
      libv8 (~> 3.11.8.12)
      ref
    thor (0.16.0)
    uglifier (1.2.7)
      execjs (>= 0.3.0)
      multi_json (~> 1.3)
    yui-compressor (0.9.6)
      POpen4 (>= 0.1.4)

PLATFORMS
  ruby

DEPENDENCIES
  colored
  execjs (~> 1.2.6)
  jshintrb
  less (~> 2.2.2)
  rack
  rake-pipeline!
  rake-pipeline-web-filters!
  therubyracer (~> 0.11.2)
  uglifier (~> 1.2.3)
  yui-compressor
